PATH
  remote: .
  specs:
    project_euler (0.0.1)

GEM
  remote: https://rubygems.org/
  specs:
    minitest (5.14.0)
    rake (13.0.1)

PLATFORMS
  ruby

DEPENDENCIES
  bundler (~> 1.17)
  minitest (~> 5.0)
  project_euler!
  rake (~> 13.0)

BUNDLED WITH
   2.1.4
