GEM
  remote: https://rubygems.org/
  specs:
    minitest (5.14.0)

PLATFORMS
  ruby

DEPENDENCIES
  minitest

RUBY VERSION
   ruby 2.6.3p62

BUNDLED WITH
   1.17.2
